PATH
  remote: .
  specs:
    migrazor (0.0.1)

GEM
  remote: http://rubygems.org/
  specs:
    json (1.6.2)
    rake (0.9.2.2)
    rdoc (3.11)
      json (~> 1.4)

PLATFORMS
  ruby

DEPENDENCIES
  migrazor!
  rake
  rdoc
